GEM
  remote: https://rubygems.org/
  specs:
    mysql (2.9.1)
    rake (10.1.1)

PLATFORMS
  ruby

DEPENDENCIES
  mysql
  rake
